GEM
  remote: https://rubygems.org/
  specs:
    em-hiredis (0.3.0)
      eventmachine (~> 1.0)
      hiredis (~> 0.5.0)
    em-websocket (0.5.1)
      eventmachine (>= 0.12.9)
      http_parser.rb (~> 0.6.0)
    eventmachine (1.0.7)
    hiredis (0.5.2)
    http_parser.rb (0.6.0)

PLATFORMS
  ruby

DEPENDENCIES
  em-hiredis
  em-websocket
  eventmachine
