GEM
  remote: https://rubygems.org/
  specs:
    em-hiredis (0.3.0)
      eventmachine (~> 1.0)
      hiredis (~> 0.5.0)
    em-websocket (0.5.1)
      eventmachine (>= 0.12.9)
      http_parser.rb (~> 0.6.0)
    eventmachine (1.0.7)
    eventmachine_httpserver (0.2.1)
    hiredis (0.5.2)
    http_parser.rb (0.6.0)
    mime-types (2.4.3)

PLATFORMS
  ruby

DEPENDENCIES
  em-hiredis
  em-websocket
  eventmachine
  eventmachine_httpserver
  mime-types
